GIT
  remote: git://github.com/rspec/rspec-core.git
  revision: 26a5cd95c8a645f480e7a194ef7ee768a9d1af08
  branch: master
  specs:
    rspec-core (3.2.0.pre)
      rspec-support (= 3.2.0.pre)

GIT
  remote: git://github.com/rspec/rspec-expectations.git
  revision: 0e91a28147518319be450ee9fa1e7748bf478054
  branch: master
  specs:
    rspec-expectations (3.2.0.pre)
      diff-lcs (>= 1.2.0, < 2.0)
      rspec-support (= 3.2.0.pre)

GIT
  remote: git://github.com/rspec/rspec-mocks.git
  revision: 08186cc63768c31368c274a73fee1760e2eafd21
  branch: master
  specs:
    rspec-mocks (3.2.0.pre)
      diff-lcs (>= 1.2.0, < 2.0)
      rspec-support (= 3.2.0.pre)

GIT
  remote: git://github.com/rspec/rspec-rails.git
  revision: ffb5ed742f9232f60c75f96c555ed52053c4dd61
  branch: master
  specs:
    rspec-rails (3.2.0.pre)
      actionpack (>= 3.0, <= 4.2)
      activesupport (>= 3.0, <= 4.2)
      railties (>= 3.0, <= 4.2)
      rspec-core (= 3.2.0.pre)
      rspec-expectations (= 3.2.0.pre)
      rspec-mocks (= 3.2.0.pre)
      rspec-support (= 3.2.0.pre)

GIT
  remote: git://github.com/rspec/rspec-support.git
  revision: 8e839fe7e1770bf26a9dd132ecb5443ba2d503b8
  branch: master
  specs:
    rspec-support (3.2.0.pre)

PATH
  remote: ../the_notification
  specs:
    the_notification (0.0.1)
      slim

PATH
  remote: ../the_role_api
  specs:
    the_role_api (3.0)
      multi_json
      rails (>= 3.2, < 5)
      the_string_to_slug (~> 1.2)

PATH
  remote: ../the_role_management_panel
  specs:
    the_role_management_panel (3.0)
      bootstrap-sass (~> 3.3.1)
      coffee-rails
      haml
      rails (>= 3, < 5)
      sass-rails (>= 3.2)
      the_notification

GEM
  remote: https://rubygems.org/
  specs:
    actionmailer (3.2.21)
      actionpack (= 3.2.21)
      mail (~> 2.5.4)
    actionpack (3.2.21)
      activemodel (= 3.2.21)
      activesupport (= 3.2.21)
      builder (~> 3.0.0)
      erubis (~> 2.7.0)
      journey (~> 1.0.4)
      rack (~> 1.4.5)
      rack-cache (~> 1.2)
      rack-test (~> 0.6.1)
      sprockets (~> 2.2.1)
    activemodel (3.2.21)
      activesupport (= 3.2.21)
      builder (~> 3.0.0)
    activerecord (3.2.21)
      activemodel (= 3.2.21)
      activesupport (= 3.2.21)
      arel (~> 3.0.2)
      tzinfo (~> 0.3.29)
    activeresource (3.2.21)
      activemodel (= 3.2.21)
      activesupport (= 3.2.21)
    activesupport (3.2.21)
      i18n (~> 0.6, >= 0.6.4)
      multi_json (~> 1.0)
    arel (3.0.3)
    autoprefixer-rails (5.1.1)
      execjs
      json
    bcrypt (3.1.10)
    bootstrap-sass (3.3.3)
      autoprefixer-rails (>= 5.0.0.1)
      sass (>= 3.2.19)
    builder (3.0.4)
    coderay (1.1.0)
    coffee-rails (3.2.2)
      coffee-script (>= 2.2.0)
      railties (~> 3.2.0)
    coffee-script (2.3.0)
      coffee-script-source
      execjs
    coffee-script-source (1.9.0)
    database_cleaner (1.4.0)
    devise (3.4.1)
      bcrypt (~> 3.0)
      orm_adapter (~> 0.1)
      railties (>= 3.2.6, < 5)
      responders
      thread_safe (~> 0.1)
      warden (~> 1.2.3)
    diff-lcs (1.2.5)
    erubis (2.7.0)
    execjs (2.2.2)
    factory_girl (4.5.0)
      activesupport (>= 3.0.0)
    factory_girl_rails (4.5.0)
      factory_girl (~> 4.5.0)
      railties (>= 3.0.0)
    ffaker (1.31.0)
    haml (4.0.6)
      tilt
    hike (1.2.3)
    i18n (0.7.0)
    journey (1.0.4)
    jquery-rails (3.1.2)
      railties (>= 3.0, < 5.0)
      thor (>= 0.14, < 2.0)
    json (1.8.2)
    mail (2.5.4)
      mime-types (~> 1.16)
      treetop (~> 1.4.8)
    method_source (0.8.2)
    mime-types (1.25.1)
    minitest (4.7.5)
    minitest-rails (1.0.1)
      minitest (~> 4.7)
      minitest-test (~> 1.0)
      railties (>= 3.0, < 4.1)
    minitest-test (1.1.0)
      minitest (~> 4.0)
    multi_json (1.10.1)
    orm_adapter (0.5.0)
    polyglot (0.3.5)
    power_assert (0.2.2)
    pry (0.10.1)
      coderay (~> 1.1.0)
      method_source (~> 0.8.1)
      slop (~> 3.4)
    rack (1.4.5)
    rack-cache (1.2)
      rack (>= 0.4)
    rack-ssl (1.3.4)
      rack
    rack-test (0.6.3)
      rack (>= 1.0)
    rails (3.2.21)
      actionmailer (= 3.2.21)
      actionpack (= 3.2.21)
      activerecord (= 3.2.21)
      activeresource (= 3.2.21)
      activesupport (= 3.2.21)
      bundler (~> 1.0)
      railties (= 3.2.21)
    rails-i18n (4.0.0.pre)
      i18n (~> 0.5)
    railties (3.2.21)
      actionpack (= 3.2.21)
      activesupport (= 3.2.21)
      rack-ssl (~> 1.3.2)
      rake (>= 0.8.7)
      rdoc (~> 3.4)
      thor (>= 0.14.6, < 2.0)
    rake (10.4.2)
    rdoc (3.12.2)
      json (~> 1.4)
    responders (1.1.2)
      railties (>= 3.2, < 4.2)
    sass (3.4.11)
    sass-rails (3.2.6)
      railties (~> 3.2.0)
      sass (>= 3.1.10)
      tilt (~> 1.3)
    slim (3.0.2)
      temple (~> 0.7.3)
      tilt (>= 1.3.3, < 2.1)
    slop (3.6.0)
    sprockets (2.2.3)
      hike (~> 1.2)
      multi_json (~> 1.0)
      rack (~> 1.0)
      tilt (~> 1.1, != 1.3.0)
    sqlite3 (1.3.10)
    strong_parameters (0.2.3)
      actionpack (~> 3.0)
      activemodel (~> 3.0)
      activesupport (~> 3.0)
      railties (~> 3.0)
    temple (0.7.5)
    test-unit (3.0.8)
      power_assert
    the_string_to_slug (1.2)
      rails-i18n (~> 4.0.0.pre)
    thor (0.19.1)
    thread_safe (0.3.4)
    tilt (1.4.1)
    treetop (1.4.15)
      polyglot
      polyglot (>= 0.3.1)
    tzinfo (0.3.43)
    uglifier (2.7.0)
      execjs (>= 0.3.0)
      json (>= 1.8.0)
    warden (1.2.3)
      rack (>= 1.0)

PLATFORMS
  ruby

DEPENDENCIES
  coffee-rails (~> 3.2.1)
  database_cleaner
  devise
  factory_girl_rails (~> 4.0)
  ffaker
  jquery-rails
  minitest
  minitest-rails
  pry
  rails (= 3.2.21)
  rspec-core!
  rspec-expectations!
  rspec-mocks!
  rspec-rails!
  rspec-support!
  sass-rails (~> 3.2.3)
  sqlite3
  strong_parameters
  test-unit
  the_notification!
  the_role_api!
  the_role_management_panel!
  uglifier (>= 1.0.3)
